GEM
  remote: https://rubygems.org/
  specs:
    cinch (2.0.3)
    sqlite3 (1.3.6-x86-mingw32)

PLATFORMS
  x86-mingw32

DEPENDENCIES
  cinch
  sqlite3
