GEM
  remote: https://rubygems.org/
  specs:
    cinch (2.0.3)
    configatron (2.9.1)
      yamler (>= 0.1.0)
    sqlite3 (1.3.6)
    sqlite3 (1.3.6-x86-mingw32)
    yamler (0.1.0)

PLATFORMS
  x86-mingw32

DEPENDENCIES
  cinch
  configatron
  sqlite3
